PATH
  remote: .
  specs:
    vanilla (2.0.0.alpha)
      BlueCloth (>= 1.0.0)
      RedCloth (>= 4.1.1)
      haml (>= 3.1)
      parslet (>= 1.5.0)
      rack (>= 0.9.1)
      rack-test (>= 0.5.7)
      ratom (>= 0.3.5)
      soup (>= 1.0.12)

GEM
  remote: https://rubygems.org/
  specs:
    BlueCloth (1.0.1)
    RedCloth (4.3.2)
    addressable (2.3.8)
    blankslate (3.1.3)
    capybara (2.4.4)
      mime-types (>= 1.16)
      nokogiri (>= 1.3.3)
      rack (>= 1.0.0)
      rack-test (>= 0.5.4)
      xpath (~> 2.0)
    haml (4.0.7)
      tilt
    kintama (0.1.13)
    launchy (2.4.3)
      addressable (~> 2.3)
    libxml-ruby (2.9.0)
    metaclass (0.0.4)
    mime-types (2.5)
    mini_portile (0.6.2)
    mocha (1.1.0)
      metaclass (~> 0.0.1)
    nokogiri (1.6.6.2)
      mini_portile (~> 0.6.0)
    parslet (1.7.1)
      blankslate (>= 2.0, <= 4.0)
    rack (1.6.1)
    rack-test (0.6.3)
      rack (>= 1.0)
    rake (10.4.2)
    ratom (0.9.0)
      libxml-ruby (~> 2.6)
    soup (1.0.12)
    tilt (2.0.5)
    xpath (2.0.0)
      nokogiri (~> 1.3)

PLATFORMS
  ruby

DEPENDENCIES
  capybara
  kintama (>= 0.1.11)
  launchy
  mocha
  rake (>= 0.9.1)
  vanilla!

BUNDLED WITH
   1.11.2
