PATH
  remote: .
  specs:
    vanilla (1.17.2)
      BlueCloth (>= 1.0.0)
      RedCloth (>= 4.1.1)
      haml (>= 3.1)
      parslet (>= 1.2.0)
      rack (>= 0.9.1)
      rack-test (>= 0.5.7)
      ratom (>= 0.3.5)
      soup (>= 1.0.9)

GEM
  remote: http://rubygems.org/
  specs:
    BlueCloth (1.0.1)
    RedCloth (4.2.8)
    addressable (2.2.8)
    blankslate (2.1.2.4)
    capybara (1.1.2)
      mime-types (>= 1.16)
      nokogiri (>= 1.3.3)
      rack (>= 1.0.0)
      rack-test (>= 0.5.4)
      selenium-webdriver (~> 2.0)
      xpath (~> 0.1.4)
    childprocess (0.3.3)
      ffi (~> 1.0.6)
    configuration (1.2.0)
    ffi (1.0.11)
    haml (3.1.3)
    kintama (0.1.8)
    launchy (0.4.0)
      configuration (>= 0.0.5)
      rake (>= 0.8.1)
    libwebsocket (0.1.4)
      addressable
    libxml-ruby (2.2.2)
    mime-types (1.19)
    mocha (0.9.10)
      rake
    multi_json (1.3.6)
    nokogiri (1.5.5)
    parslet (1.2.3)
      blankslate (~> 2.0)
    rack (1.4.1)
    rack-test (0.6.1)
      rack (>= 1.0)
    rake (0.9.2.2)
    ratom (0.6.10)
      libxml-ruby (>= 1.1.2)
    rubyzip (0.9.9)
    selenium-webdriver (2.25.0)
      childprocess (>= 0.2.5)
      libwebsocket (~> 0.1.3)
      multi_json (~> 1.0)
      rubyzip
    soup (1.0.9)
    xpath (0.1.4)
      nokogiri (~> 1.3)

PLATFORMS
  ruby

DEPENDENCIES
  capybara
  kintama (>= 0.1.7)
  launchy
  mocha
  vanilla!
