PATH
  remote: .
  specs:
    vanilla (1.16.2)
      BlueCloth (>= 1.0.0)
      RedCloth (>= 4.1.1)
      haml (>= 3.1)
      parslet (>= 1.2.0)
      rack (>= 0.9.1)
      rack-test (>= 0.5.7)
      ratom (>= 0.3.5)
      soup (>= 1.0.6)

GEM
  remote: http://rubygems.org/
  specs:
    BlueCloth (1.0.1)
    RedCloth (4.2.7)
    blankslate (2.1.2.4)
    haml (3.1.1)
    kintama (0.1.6)
    libxml-ruby (2.0.5)
    mocha (0.9.10)
      rake
    parslet (1.2.0)
      blankslate (~> 2.0)
    rack (1.2.2)
    rack-test (0.5.7)
      rack (>= 1.0)
    rake (0.8.7)
    ratom (0.6.8)
      libxml-ruby (>= 1.1.2)
    soup (1.0.7)

PLATFORMS
  ruby

DEPENDENCIES
  kintama (>= 0.1.6)
  mocha
  vanilla!
